PATH
  remote: .
  specs:
    external_api_wrapper (0.1.0)
      addressable (= 2.3.8)

GEM
  remote: https://rubygems.org/
  specs:
    addressable (2.3.8)
    minitest (5.11.3)
    rake (10.5.0)

PLATFORMS
  ruby

DEPENDENCIES
  bundler (~> 1.16)
  external_api_wrapper!
  minitest (~> 5.0)
  rake (~> 10.0)

BUNDLED WITH
   1.16.1
