PATH
  remote: .
  specs:
    external_api_wrapper (0.1.0)
      addressable (= 2.3.8)

GEM
  remote: https://rubygems.org/
  specs:
    addressable (2.3.8)
    ansi (1.5.0)
    ast (2.4.0)
    builder (3.2.3)
    docile (1.3.0)
    json (2.1.0)
    metaclass (0.0.4)
    minitest (5.11.3)
    minitest-reporters (1.1.19)
      ansi
      builder
      minitest (>= 5.0)
      ruby-progressbar
    mocha (1.4.0)
      metaclass (~> 0.0.1)
    parallel (1.12.1)
    parser (2.5.0.5)
      ast (~> 2.4.0)
    powerpack (0.1.1)
    rainbow (3.0.0)
    rake (10.5.0)
    rubocop (0.53.0)
      parallel (~> 1.10)
      parser (>= 2.5)
      powerpack (~> 0.1)
      rainbow (>= 2.2.2, < 4.0)
      ruby-progressbar (~> 1.7)
      unicode-display_width (~> 1.0, >= 1.0.1)
    ruby-progressbar (1.9.0)
    simplecov (0.16.1)
      docile (~> 1.1)
      json (>= 1.8, < 3)
      simplecov-html (~> 0.10.0)
    simplecov-html (0.10.2)
    unicode-display_width (1.3.0)

PLATFORMS
  ruby

DEPENDENCIES
  bundler (~> 1.16)
  external_api_wrapper!
  minitest (= 5.11.3)
  minitest-reporters (= 1.1.19)
  mocha (= 1.4.0)
  rake (~> 10.0)
  rubocop (~> 0.53.0)
  simplecov (= 0.16.1)

BUNDLED WITH
   1.16.1
